GEM
  remote: http://rubygems.org/
  specs:
    actioncable (5.2.2.1)
      actionpack (= 5.2.2.1)
      nio4r (~> 2.0)
      websocket-driver (>= 0.6.1)
    actionmailer (5.2.2.1)
      actionpack (= 5.2.2.1)
      actionview (= 5.2.2.1)
      activejob (= 5.2.2.1)
      mail (~> 2.5, >= 2.5.4)
      rails-dom-testing (~> 2.0)
    actionpack (5.2.2.1)
      actionview (= 5.2.2.1)
      activesupport (= 5.2.2.1)
      rack (~> 2.0)
      rack-test (>= 0.6.3)
      rails-dom-testing (~> 2.0)
      rails-html-sanitizer (~> 1.0, >= 1.0.2)
    actionview (5.2.2.1)
      activesupport (= 5.2.2.1)
      builder (~> 3.1)
      erubi (~> 1.4)
      rails-dom-testing (~> 2.0)
      rails-html-sanitizer (~> 1.0, >= 1.0.3)
    activejob (5.2.2.1)
      activesupport (= 5.2.2.1)
      globalid (>= 0.3.6)
    activemodel (5.2.2.1)
      activesupport (= 5.2.2.1)
    activerecord (5.2.2.1)
      activemodel (= 5.2.2.1)
      activesupport (= 5.2.2.1)
      arel (>= 9.0)
    activestorage (5.2.2.1)
      actionpack (= 5.2.2.1)
      activerecord (= 5.2.2.1)
      marcel (~> 0.3.1)
    activesupport (5.2.2.1)
      concurrent-ruby (~> 1.0, >= 1.0.2)
      i18n (>= 0.7, < 2)
      minitest (~> 5.1)
      tzinfo (~> 1.1)
    addressable (2.6.0)
      public_suffix (>= 2.0.2, < 4.0)
    apipie-rails (0.5.15)
      rails (>= 4.1)
    arel (9.0.0)
    ast (2.4.0)
    aws-eventstream (1.0.2)
    aws-partitions (1.144.0)
    aws-sdk (3.0.1)
      aws-sdk-resources (~> 3)
    aws-sdk-acm (1.15.0)
      aws-sdk-core (~> 3, >= 3.47.0)
      aws-sigv4 (~> 1.1)
    aws-sdk-acmpca (1.10.0)
      aws-sdk-core (~> 3, >= 3.47.0)
      aws-sigv4 (~> 1.1)
    aws-sdk-alexaforbusiness (1.17.0)
      aws-sdk-core (~> 3, >= 3.47.0)
      aws-sigv4 (~> 1.1)
    aws-sdk-amplify (1.1.0)
      aws-sdk-core (~> 3, >= 3.47.0)
      aws-sigv4 (~> 1.1)
    aws-sdk-apigateway (1.24.0)
      aws-sdk-core (~> 3, >= 3.47.0)
      aws-sigv4 (~> 1.1)
    aws-sdk-apigatewaymanagementapi (1.1.0)
      aws-sdk-core (~> 3, >= 3.47.0)
      aws-sigv4 (~> 1.1)
    aws-sdk-apigatewayv2 (1.2.0)
      aws-sdk-core (~> 3, >= 3.47.0)
      aws-sigv4 (~> 1.1)
    aws-sdk-applicationautoscaling (1.20.0)
      aws-sdk-core (~> 3, >= 3.47.0)
      aws-sigv4 (~> 1.1)
    aws-sdk-applicationdiscoveryservice (1.12.0)
      aws-sdk-core (~> 3, >= 3.47.0)
      aws-sigv4 (~> 1.1)
    aws-sdk-appmesh (1.3.0)
      aws-sdk-core (~> 3, >= 3.47.0)
      aws-sigv4 (~> 1.1)
    aws-sdk-appstream (1.22.0)
      aws-sdk-core (~> 3, >= 3.47.0)
      aws-sigv4 (~> 1.1)
    aws-sdk-appsync (1.10.0)
      aws-sdk-core (~> 3, >= 3.47.0)
      aws-sigv4 (~> 1.1)
    aws-sdk-athena (1.10.0)
      aws-sdk-core (~> 3, >= 3.47.0)
      aws-sigv4 (~> 1.1)
    aws-sdk-autoscaling (1.16.0)
      aws-sdk-core (~> 3, >= 3.47.0)
      aws-sigv4 (~> 1.1)
    aws-sdk-autoscalingplans (1.10.0)
      aws-sdk-core (~> 3, >= 3.47.0)
      aws-sigv4 (~> 1.1)
    aws-sdk-backup (1.1.0)
      aws-sdk-core (~> 3, >= 3.47.0)
      aws-sigv4 (~> 1.1)
    aws-sdk-batch (1.13.0)
      aws-sdk-core (~> 3, >= 3.47.0)
      aws-sigv4 (~> 1.1)
    aws-sdk-budgets (1.16.0)
      aws-sdk-core (~> 3, >= 3.47.0)
      aws-sigv4 (~> 1.1)
    aws-sdk-chime (1.4.0)
      aws-sdk-core (~> 3, >= 3.47.0)
      aws-sigv4 (~> 1.1)
    aws-sdk-cloud9 (1.9.0)
      aws-sdk-core (~> 3, >= 3.47.0)
      aws-sigv4 (~> 1.1)
    aws-sdk-clouddirectory (1.12.0)
      aws-sdk-core (~> 3, >= 3.47.0)
      aws-sigv4 (~> 1.1)
    aws-sdk-cloudformation (1.15.0)
      aws-sdk-core (~> 3, >= 3.47.0)
      aws-sigv4 (~> 1.1)
    aws-sdk-cloudfront (1.12.0)
      aws-sdk-core (~> 3, >= 3.47.0)
      aws-sigv4 (~> 1.1)
    aws-sdk-cloudhsm (1.10.0)
      aws-sdk-core (~> 3, >= 3.47.0)
      aws-sigv4 (~> 1.1)
    aws-sdk-cloudhsmv2 (1.10.0)
      aws-sdk-core (~> 3, >= 3.47.0)
      aws-sigv4 (~> 1.1)
    aws-sdk-cloudsearch (1.7.0)
      aws-sdk-core (~> 3, >= 3.47.0)
      aws-sigv4 (~> 1.1)
    aws-sdk-cloudsearchdomain (1.7.0)
      aws-sdk-core (~> 3, >= 3.47.0)
      aws-sigv4 (~> 1.1)
    aws-sdk-cloudtrail (1.9.0)
      aws-sdk-core (~> 3, >= 3.47.0)
      aws-sigv4 (~> 1.1)
    aws-sdk-cloudwatch (1.15.0)
      aws-sdk-core (~> 3, >= 3.47.0)
      aws-sigv4 (~> 1.1)
    aws-sdk-cloudwatchevents (1.14.0)
      aws-sdk-core (~> 3, >= 3.47.0)
      aws-sigv4 (~> 1.1)
    aws-sdk-cloudwatchlogs (1.15.0)
      aws-sdk-core (~> 3, >= 3.47.0)
      aws-sigv4 (~> 1.1)
    aws-sdk-codebuild (1.30.0)
      aws-sdk-core (~> 3, >= 3.47.0)
      aws-sigv4 (~> 1.1)
    aws-sdk-codecommit (1.15.0)
      aws-sdk-core (~> 3, >= 3.47.0)
      aws-sigv4 (~> 1.1)
    aws-sdk-codedeploy (1.15.0)
      aws-sdk-core (~> 3, >= 3.47.0)
      aws-sigv4 (~> 1.1)
    aws-sdk-codepipeline (1.12.0)
      aws-sdk-core (~> 3, >= 3.47.0)
      aws-sigv4 (~> 1.1)
    aws-sdk-codestar (1.9.0)
      aws-sdk-core (~> 3, >= 3.47.0)
      aws-sigv4 (~> 1.1)
    aws-sdk-cognitoidentity (1.7.0)
      aws-sdk-core (~> 3, >= 3.47.0)
      aws-sigv4 (~> 1.1)
    aws-sdk-cognitoidentityprovider (1.13.0)
      aws-sdk-core (~> 3, >= 3.47.0)
      aws-sigv4 (~> 1.1)
    aws-sdk-cognitosync (1.7.0)
      aws-sdk-core (~> 3, >= 3.47.0)
      aws-sigv4 (~> 1.1)
    aws-sdk-comprehend (1.13.0)
      aws-sdk-core (~> 3, >= 3.47.0)
      aws-sigv4 (~> 1.1)
    aws-sdk-comprehendmedical (1.1.0)
      aws-sdk-core (~> 3, >= 3.47.0)
      aws-sigv4 (~> 1.1)
    aws-sdk-configservice (1.23.0)
      aws-sdk-core (~> 3, >= 3.47.0)
      aws-sigv4 (~> 1.1)
    aws-sdk-connect (1.11.0)
      aws-sdk-core (~> 3, >= 3.47.0)
      aws-sigv4 (~> 1.1)
    aws-sdk-core (3.47.0)
      aws-eventstream (~> 1.0, >= 1.0.2)
      aws-partitions (~> 1.0)
      aws-sigv4 (~> 1.1)
      http-2 (~> 0.10)
      jmespath (~> 1.0)
    aws-sdk-costandusagereportservice (1.8.0)
      aws-sdk-core (~> 3, >= 3.47.0)
      aws-sigv4 (~> 1.1)
    aws-sdk-costexplorer (1.19.0)
      aws-sdk-core (~> 3, >= 3.47.0)
      aws-sigv4 (~> 1.1)
    aws-sdk-databasemigrationservice (1.17.0)
      aws-sdk-core (~> 3, >= 3.47.0)
      aws-sigv4 (~> 1.1)
    aws-sdk-datapipeline (1.7.0)
      aws-sdk-core (~> 3, >= 3.47.0)
      aws-sigv4 (~> 1.1)
    aws-sdk-datasync (1.1.0)
      aws-sdk-core (~> 3, >= 3.47.0)
      aws-sigv4 (~> 1.1)
    aws-sdk-dax (1.9.0)
      aws-sdk-core (~> 3, >= 3.47.0)
      aws-sigv4 (~> 1.1)
    aws-sdk-devicefarm (1.17.0)
      aws-sdk-core (~> 3, >= 3.47.0)
      aws-sigv4 (~> 1.1)
    aws-sdk-directconnect (1.13.0)
      aws-sdk-core (~> 3, >= 3.47.0)
      aws-sigv4 (~> 1.1)
    aws-sdk-directoryservice (1.13.0)
      aws-sdk-core (~> 3, >= 3.47.0)
      aws-sigv4 (~> 1.1)
    aws-sdk-dlm (1.9.0)
      aws-sdk-core (~> 3, >= 3.47.0)
      aws-sigv4 (~> 1.1)
    aws-sdk-docdb (1.1.0)
      aws-sdk-core (~> 3, >= 3.47.0)
      aws-sigv4 (~> 1.1)
    aws-sdk-dynamodb (1.22.0)
      aws-sdk-core (~> 3, >= 3.47.0)
      aws-sigv4 (~> 1.1)
    aws-sdk-dynamodbstreams (1.7.0)
      aws-sdk-core (~> 3, >= 3.47.0)
      aws-sigv4 (~> 1.1)
    aws-sdk-ec2 (1.73.0)
      aws-sdk-core (~> 3, >= 3.47.0)
      aws-sigv4 (~> 1.1)
    aws-sdk-ecr (1.12.0)
      aws-sdk-core (~> 3, >= 3.47.0)
      aws-sigv4 (~> 1.1)
    aws-sdk-ecs (1.32.0)
      aws-sdk-core (~> 3, >= 3.47.0)
      aws-sigv4 (~> 1.1)
    aws-sdk-efs (1.11.0)
      aws-sdk-core (~> 3, >= 3.47.0)
      aws-sigv4 (~> 1.1)
    aws-sdk-eks (1.10.0)
      aws-sdk-core (~> 3, >= 3.47.0)
      aws-sigv4 (~> 1.1)
    aws-sdk-elasticache (1.11.0)
      aws-sdk-core (~> 3, >= 3.47.0)
      aws-sigv4 (~> 1.1)
    aws-sdk-elasticbeanstalk (1.17.0)
      aws-sdk-core (~> 3, >= 3.47.0)
      aws-sigv4 (~> 1.1)
    aws-sdk-elasticloadbalancing (1.9.0)
      aws-sdk-core (~> 3, >= 3.47.0)
      aws-sigv4 (~> 1.1)
    aws-sdk-elasticloadbalancingv2 (1.22.0)
      aws-sdk-core (~> 3, >= 3.47.0)
      aws-sigv4 (~> 1.1)
    aws-sdk-elasticsearchservice (1.17.0)
      aws-sdk-core (~> 3, >= 3.47.0)
      aws-sigv4 (~> 1.1)
    aws-sdk-elastictranscoder (1.8.0)
      aws-sdk-core (~> 3, >= 3.47.0)
      aws-sigv4 (~> 1.1)
    aws-sdk-emr (1.10.0)
      aws-sdk-core (~> 3, >= 3.47.0)
      aws-sigv4 (~> 1.1)
    aws-sdk-firehose (1.12.0)
      aws-sdk-core (~> 3, >= 3.47.0)
      aws-sigv4 (~> 1.1)
    aws-sdk-fms (1.9.0)
      aws-sdk-core (~> 3, >= 3.47.0)
      aws-sigv4 (~> 1.1)
    aws-sdk-fsx (1.2.0)
      aws-sdk-core (~> 3, >= 3.47.0)
      aws-sigv4 (~> 1.1)
    aws-sdk-gamelift (1.13.0)
      aws-sdk-core (~> 3, >= 3.47.0)
      aws-sigv4 (~> 1.1)
    aws-sdk-glacier (1.15.0)
      aws-sdk-core (~> 3, >= 3.47.0)
      aws-sigv4 (~> 1.1)
    aws-sdk-globalaccelerator (1.2.0)
      aws-sdk-core (~> 3, >= 3.47.0)
      aws-sigv4 (~> 1.1)
    aws-sdk-glue (1.26.0)
      aws-sdk-core (~> 3, >= 3.47.0)
      aws-sigv4 (~> 1.1)
    aws-sdk-greengrass (1.14.0)
      aws-sdk-core (~> 3, >= 3.47.0)
      aws-sigv4 (~> 1.1)
    aws-sdk-guardduty (1.12.0)
      aws-sdk-core (~> 3, >= 3.47.0)
      aws-sigv4 (~> 1.1)
    aws-sdk-health (1.10.0)
      aws-sdk-core (~> 3, >= 3.47.0)
      aws-sigv4 (~> 1.1)
    aws-sdk-iam (1.14.0)
      aws-sdk-core (~> 3, >= 3.47.0)
      aws-sigv4 (~> 1.1)
    aws-sdk-importexport (1.7.0)
      aws-sdk-core (~> 3, >= 3.47.0)
      aws-sigv2 (~> 1.0)
    aws-sdk-inspector (1.13.0)
      aws-sdk-core (~> 3, >= 3.47.0)
      aws-sigv4 (~> 1.1)
    aws-sdk-iot (1.26.0)
      aws-sdk-core (~> 3, >= 3.47.0)
      aws-sigv4 (~> 1.1)
    aws-sdk-iot1clickdevicesservice (1.7.0)
      aws-sdk-core (~> 3, >= 3.47.0)
      aws-sigv4 (~> 1.1)
    aws-sdk-iot1clickprojects (1.7.0)
      aws-sdk-core (~> 3, >= 3.47.0)
      aws-sigv4 (~> 1.1)
    aws-sdk-iotanalytics (1.13.0)
      aws-sdk-core (~> 3, >= 3.47.0)
      aws-sigv4 (~> 1.1)
    aws-sdk-iotdataplane (1.7.0)
      aws-sdk-core (~> 3, >= 3.47.0)
      aws-sigv4 (~> 1.1)
    aws-sdk-iotjobsdataplane (1.8.0)
      aws-sdk-core (~> 3, >= 3.47.0)
      aws-sigv4 (~> 1.1)
    aws-sdk-kafka (1.1.0)
      aws-sdk-core (~> 3, >= 3.47.0)
      aws-sigv4 (~> 1.1)
    aws-sdk-kinesis (1.10.0)
      aws-sdk-core (~> 3, >= 3.47.0)
      aws-sigv4 (~> 1.1)
    aws-sdk-kinesisanalytics (1.10.0)
      aws-sdk-core (~> 3, >= 3.47.0)
      aws-sigv4 (~> 1.1)
    aws-sdk-kinesisanalyticsv2 (1.1.0)
      aws-sdk-core (~> 3, >= 3.47.0)
      aws-sigv4 (~> 1.1)
    aws-sdk-kinesisvideo (1.10.0)
      aws-sdk-core (~> 3, >= 3.47.0)
      aws-sigv4 (~> 1.1)
    aws-sdk-kinesisvideoarchivedmedia (1.9.0)
      aws-sdk-core (~> 3, >= 3.47.0)
      aws-sigv4 (~> 1.1)
    aws-sdk-kinesisvideomedia (1.8.0)
      aws-sdk-core (~> 3, >= 3.47.0)
      aws-sigv4 (~> 1.1)
    aws-sdk-kms (1.14.0)
      aws-sdk-core (~> 3, >= 3.47.0)
      aws-sigv4 (~> 1.1)
    aws-sdk-lambda (1.19.0)
      aws-sdk-core (~> 3, >= 3.47.0)
      aws-sigv4 (~> 1.1)
    aws-sdk-lambdapreview (1.7.0)
      aws-sdk-core (~> 3, >= 3.47.0)
      aws-sigv4 (~> 1.1)
    aws-sdk-lex (1.10.0)
      aws-sdk-core (~> 3, >= 3.47.0)
      aws-sigv4 (~> 1.1)
    aws-sdk-lexmodelbuildingservice (1.13.0)
      aws-sdk-core (~> 3, >= 3.47.0)
      aws-sigv4 (~> 1.1)
    aws-sdk-licensemanager (1.1.0)
      aws-sdk-core (~> 3, >= 3.47.0)
      aws-sigv4 (~> 1.1)
    aws-sdk-lightsail (1.15.0)
      aws-sdk-core (~> 3, >= 3.47.0)
      aws-sigv4 (~> 1.1)
    aws-sdk-machinelearning (1.7.0)
      aws-sdk-core (~> 3, >= 3.47.0)
      aws-sigv4 (~> 1.1)
    aws-sdk-macie (1.7.0)
      aws-sdk-core (~> 3, >= 3.47.0)
      aws-sigv4 (~> 1.1)
    aws-sdk-marketplacecommerceanalytics (1.7.0)
      aws-sdk-core (~> 3, >= 3.47.0)
      aws-sigv4 (~> 1.1)
    aws-sdk-marketplaceentitlementservice (1.7.0)
      aws-sdk-core (~> 3, >= 3.47.0)
      aws-sigv4 (~> 1.1)
    aws-sdk-marketplacemetering (1.8.0)
      aws-sdk-core (~> 3, >= 3.47.0)
      aws-sigv4 (~> 1.1)
    aws-sdk-mediaconnect (1.2.0)
      aws-sdk-core (~> 3, >= 3.47.0)
      aws-sigv4 (~> 1.1)
    aws-sdk-mediaconvert (1.21.0)
      aws-sdk-core (~> 3, >= 3.47.0)
      aws-sigv4 (~> 1.1)
    aws-sdk-medialive (1.24.0)
      aws-sdk-core (~> 3, >= 3.47.0)
      aws-sigv4 (~> 1.1)
    aws-sdk-mediapackage (1.13.0)
      aws-sdk-core (~> 3, >= 3.47.0)
      aws-sigv4 (~> 1.1)
    aws-sdk-mediastore (1.10.0)
      aws-sdk-core (~> 3, >= 3.47.0)
      aws-sigv4 (~> 1.1)
    aws-sdk-mediastoredata (1.9.0)
      aws-sdk-core (~> 3, >= 3.47.0)
      aws-sigv4 (~> 1.1)
    aws-sdk-mediatailor (1.11.0)
      aws-sdk-core (~> 3, >= 3.47.0)
      aws-sigv4 (~> 1.1)
    aws-sdk-migrationhub (1.9.0)
      aws-sdk-core (~> 3, >= 3.47.0)
      aws-sigv4 (~> 1.1)
    aws-sdk-mobile (1.7.0)
      aws-sdk-core (~> 3, >= 3.47.0)
      aws-sigv4 (~> 1.1)
    aws-sdk-mq (1.10.0)
      aws-sdk-core (~> 3, >= 3.47.0)
      aws-sigv4 (~> 1.1)
    aws-sdk-mturk (1.10.0)
      aws-sdk-core (~> 3, >= 3.47.0)
      aws-sigv4 (~> 1.1)
    aws-sdk-neptune (1.8.0)
      aws-sdk-core (~> 3, >= 3.47.0)
      aws-sigv4 (~> 1.1)
    aws-sdk-opsworks (1.10.0)
      aws-sdk-core (~> 3, >= 3.47.0)
      aws-sigv4 (~> 1.1)
    aws-sdk-opsworkscm (1.13.0)
      aws-sdk-core (~> 3, >= 3.47.0)
      aws-sigv4 (~> 1.1)
    aws-sdk-organizations (1.20.0)
      aws-sdk-core (~> 3, >= 3.47.0)
      aws-sigv4 (~> 1.1)
    aws-sdk-pi (1.7.0)
      aws-sdk-core (~> 3, >= 3.47.0)
      aws-sigv4 (~> 1.1)
    aws-sdk-pinpoint (1.17.0)
      aws-sdk-core (~> 3, >= 3.47.0)
      aws-sigv4 (~> 1.1)
    aws-sdk-pinpointemail (1.3.0)
      aws-sdk-core (~> 3, >= 3.47.0)
      aws-sigv4 (~> 1.1)
    aws-sdk-pinpointsmsvoice (1.4.0)
      aws-sdk-core (~> 3, >= 3.47.0)
      aws-sigv4 (~> 1.1)
    aws-sdk-polly (1.16.0)
      aws-sdk-core (~> 3, >= 3.47.0)
      aws-sigv4 (~> 1.1)
    aws-sdk-pricing (1.7.0)
      aws-sdk-core (~> 3, >= 3.47.0)
      aws-sigv4 (~> 1.1)
    aws-sdk-quicksight (1.3.0)
      aws-sdk-core (~> 3, >= 3.47.0)
      aws-sigv4 (~> 1.1)
    aws-sdk-ram (1.2.0)
      aws-sdk-core (~> 3, >= 3.47.0)
      aws-sigv4 (~> 1.1)
    aws-sdk-rds (1.45.0)
      aws-sdk-core (~> 3, >= 3.47.0)
      aws-sigv4 (~> 1.1)
    aws-sdk-rdsdataservice (1.2.0)
      aws-sdk-core (~> 3, >= 3.47.0)
      aws-sigv4 (~> 1.1)
    aws-sdk-redshift (1.19.0)
      aws-sdk-core (~> 3, >= 3.47.0)
      aws-sigv4 (~> 1.1)
    aws-sdk-rekognition (1.20.0)
      aws-sdk-core (~> 3, >= 3.47.0)
      aws-sigv4 (~> 1.1)
    aws-sdk-resourcegroups (1.11.0)
      aws-sdk-core (~> 3, >= 3.47.0)
      aws-sigv4 (~> 1.1)
    aws-sdk-resourcegroupstaggingapi (1.7.0)
      aws-sdk-core (~> 3, >= 3.47.0)
      aws-sigv4 (~> 1.1)
    aws-sdk-resources (3.40.0)
      aws-sdk-acm (~> 1)
      aws-sdk-acmpca (~> 1)
      aws-sdk-alexaforbusiness (~> 1)
      aws-sdk-amplify (~> 1)
      aws-sdk-apigateway (~> 1)
      aws-sdk-apigatewaymanagementapi (~> 1)
      aws-sdk-apigatewayv2 (~> 1)
      aws-sdk-applicationautoscaling (~> 1)
      aws-sdk-applicationdiscoveryservice (~> 1)
      aws-sdk-appmesh (~> 1)
      aws-sdk-appstream (~> 1)
      aws-sdk-appsync (~> 1)
      aws-sdk-athena (~> 1)
      aws-sdk-autoscaling (~> 1)
      aws-sdk-autoscalingplans (~> 1)
      aws-sdk-backup (~> 1)
      aws-sdk-batch (~> 1)
      aws-sdk-budgets (~> 1)
      aws-sdk-chime (~> 1)
      aws-sdk-cloud9 (~> 1)
      aws-sdk-clouddirectory (~> 1)
      aws-sdk-cloudformation (~> 1)
      aws-sdk-cloudfront (~> 1)
      aws-sdk-cloudhsm (~> 1)
      aws-sdk-cloudhsmv2 (~> 1)
      aws-sdk-cloudsearch (~> 1)
      aws-sdk-cloudsearchdomain (~> 1)
      aws-sdk-cloudtrail (~> 1)
      aws-sdk-cloudwatch (~> 1)
      aws-sdk-cloudwatchevents (~> 1)
      aws-sdk-cloudwatchlogs (~> 1)
      aws-sdk-codebuild (~> 1)
      aws-sdk-codecommit (~> 1)
      aws-sdk-codedeploy (~> 1)
      aws-sdk-codepipeline (~> 1)
      aws-sdk-codestar (~> 1)
      aws-sdk-cognitoidentity (~> 1)
      aws-sdk-cognitoidentityprovider (~> 1)
      aws-sdk-cognitosync (~> 1)
      aws-sdk-comprehend (~> 1)
      aws-sdk-comprehendmedical (~> 1)
      aws-sdk-configservice (~> 1)
      aws-sdk-connect (~> 1)
      aws-sdk-costandusagereportservice (~> 1)
      aws-sdk-costexplorer (~> 1)
      aws-sdk-databasemigrationservice (~> 1)
      aws-sdk-datapipeline (~> 1)
      aws-sdk-datasync (~> 1)
      aws-sdk-dax (~> 1)
      aws-sdk-devicefarm (~> 1)
      aws-sdk-directconnect (~> 1)
      aws-sdk-directoryservice (~> 1)
      aws-sdk-dlm (~> 1)
      aws-sdk-docdb (~> 1)
      aws-sdk-dynamodb (~> 1)
      aws-sdk-dynamodbstreams (~> 1)
      aws-sdk-ec2 (~> 1)
      aws-sdk-ecr (~> 1)
      aws-sdk-ecs (~> 1)
      aws-sdk-efs (~> 1)
      aws-sdk-eks (~> 1)
      aws-sdk-elasticache (~> 1)
      aws-sdk-elasticbeanstalk (~> 1)
      aws-sdk-elasticloadbalancing (~> 1)
      aws-sdk-elasticloadbalancingv2 (~> 1)
      aws-sdk-elasticsearchservice (~> 1)
      aws-sdk-elastictranscoder (~> 1)
      aws-sdk-emr (~> 1)
      aws-sdk-firehose (~> 1)
      aws-sdk-fms (~> 1)
      aws-sdk-fsx (~> 1)
      aws-sdk-gamelift (~> 1)
      aws-sdk-glacier (~> 1)
      aws-sdk-globalaccelerator (~> 1)
      aws-sdk-glue (~> 1)
      aws-sdk-greengrass (~> 1)
      aws-sdk-guardduty (~> 1)
      aws-sdk-health (~> 1)
      aws-sdk-iam (~> 1)
      aws-sdk-importexport (~> 1)
      aws-sdk-inspector (~> 1)
      aws-sdk-iot (~> 1)
      aws-sdk-iot1clickdevicesservice (~> 1)
      aws-sdk-iot1clickprojects (~> 1)
      aws-sdk-iotanalytics (~> 1)
      aws-sdk-iotdataplane (~> 1)
      aws-sdk-iotjobsdataplane (~> 1)
      aws-sdk-kafka (~> 1)
      aws-sdk-kinesis (~> 1)
      aws-sdk-kinesisanalytics (~> 1)
      aws-sdk-kinesisanalyticsv2 (~> 1)
      aws-sdk-kinesisvideo (~> 1)
      aws-sdk-kinesisvideoarchivedmedia (~> 1)
      aws-sdk-kinesisvideomedia (~> 1)
      aws-sdk-kms (~> 1)
      aws-sdk-lambda (~> 1)
      aws-sdk-lambdapreview (~> 1)
      aws-sdk-lex (~> 1)
      aws-sdk-lexmodelbuildingservice (~> 1)
      aws-sdk-licensemanager (~> 1)
      aws-sdk-lightsail (~> 1)
      aws-sdk-machinelearning (~> 1)
      aws-sdk-macie (~> 1)
      aws-sdk-marketplacecommerceanalytics (~> 1)
      aws-sdk-marketplaceentitlementservice (~> 1)
      aws-sdk-marketplacemetering (~> 1)
      aws-sdk-mediaconnect (~> 1)
      aws-sdk-mediaconvert (~> 1)
      aws-sdk-medialive (~> 1)
      aws-sdk-mediapackage (~> 1)
      aws-sdk-mediastore (~> 1)
      aws-sdk-mediastoredata (~> 1)
      aws-sdk-mediatailor (~> 1)
      aws-sdk-migrationhub (~> 1)
      aws-sdk-mobile (~> 1)
      aws-sdk-mq (~> 1)
      aws-sdk-mturk (~> 1)
      aws-sdk-neptune (~> 1)
      aws-sdk-opsworks (~> 1)
      aws-sdk-opsworkscm (~> 1)
      aws-sdk-organizations (~> 1)
      aws-sdk-pi (~> 1)
      aws-sdk-pinpoint (~> 1)
      aws-sdk-pinpointemail (~> 1)
      aws-sdk-pinpointsmsvoice (~> 1)
      aws-sdk-polly (~> 1)
      aws-sdk-pricing (~> 1)
      aws-sdk-quicksight (~> 1)
      aws-sdk-ram (~> 1)
      aws-sdk-rds (~> 1)
      aws-sdk-rdsdataservice (~> 1)
      aws-sdk-redshift (~> 1)
      aws-sdk-rekognition (~> 1)
      aws-sdk-resourcegroups (~> 1)
      aws-sdk-resourcegroupstaggingapi (~> 1)
      aws-sdk-robomaker (~> 1)
      aws-sdk-route53 (~> 1)
      aws-sdk-route53domains (~> 1)
      aws-sdk-route53resolver (~> 1)
      aws-sdk-s3 (~> 1)
      aws-sdk-s3control (~> 1)
      aws-sdk-sagemaker (~> 1)
      aws-sdk-sagemakerruntime (~> 1)
      aws-sdk-secretsmanager (~> 1)
      aws-sdk-securityhub (~> 1)
      aws-sdk-serverlessapplicationrepository (~> 1)
      aws-sdk-servicecatalog (~> 1)
      aws-sdk-servicediscovery (~> 1)
      aws-sdk-ses (~> 1)
      aws-sdk-shield (~> 1)
      aws-sdk-signer (~> 1)
      aws-sdk-simpledb (~> 1)
      aws-sdk-sms (~> 1)
      aws-sdk-snowball (~> 1)
      aws-sdk-sns (~> 1)
      aws-sdk-sqs (~> 1)
      aws-sdk-ssm (~> 1)
      aws-sdk-states (~> 1)
      aws-sdk-storagegateway (~> 1)
      aws-sdk-support (~> 1)
      aws-sdk-swf (~> 1)
      aws-sdk-textract (~> 1)
      aws-sdk-transcribeservice (~> 1)
      aws-sdk-transfer (~> 1)
      aws-sdk-translate (~> 1)
      aws-sdk-waf (~> 1)
      aws-sdk-wafregional (~> 1)
      aws-sdk-workdocs (~> 1)
      aws-sdk-worklink (~> 1)
      aws-sdk-workmail (~> 1)
      aws-sdk-workspaces (~> 1)
      aws-sdk-xray (~> 1)
    aws-sdk-robomaker (1.2.0)
      aws-sdk-core (~> 3, >= 3.47.0)
      aws-sigv4 (~> 1.1)
    aws-sdk-route53 (1.18.0)
      aws-sdk-core (~> 3, >= 3.47.0)
      aws-sigv4 (~> 1.1)
    aws-sdk-route53domains (1.9.0)
      aws-sdk-core (~> 3, >= 3.47.0)
      aws-sigv4 (~> 1.1)
    aws-sdk-route53resolver (1.2.0)
      aws-sdk-core (~> 3, >= 3.47.0)
      aws-sigv4 (~> 1.1)
    aws-sdk-s3 (1.32.0)
      aws-sdk-core (~> 3, >= 3.47.0)
      aws-sdk-kms (~> 1)
      aws-sigv4 (~> 1.0)
    aws-sdk-s3control (1.2.0)
      aws-sdk-core (~> 3, >= 3.47.0)
      aws-sigv4 (~> 1.0)
    aws-sdk-sagemaker (1.30.0)
      aws-sdk-core (~> 3, >= 3.47.0)
      aws-sigv4 (~> 1.1)
    aws-sdk-sagemakerruntime (1.8.0)
      aws-sdk-core (~> 3, >= 3.47.0)
      aws-sigv4 (~> 1.1)
    aws-sdk-secretsmanager (1.22.0)
      aws-sdk-core (~> 3, >= 3.47.0)
      aws-sigv4 (~> 1.1)
    aws-sdk-securityhub (1.1.0)
      aws-sdk-core (~> 3, >= 3.47.0)
      aws-sigv4 (~> 1.1)
    aws-sdk-serverlessapplicationrepository (1.13.0)
      aws-sdk-core (~> 3, >= 3.47.0)
      aws-sigv4 (~> 1.1)
    aws-sdk-servicecatalog (1.17.0)
      aws-sdk-core (~> 3, >= 3.47.0)
      aws-sigv4 (~> 1.1)
    aws-sdk-servicediscovery (1.10.0)
      aws-sdk-core (~> 3, >= 3.47.0)
      aws-sigv4 (~> 1.1)
    aws-sdk-ses (1.15.0)
      aws-sdk-core (~> 3, >= 3.47.0)
      aws-sigv4 (~> 1.1)
    aws-sdk-shield (1.11.0)
      aws-sdk-core (~> 3, >= 3.47.0)
      aws-sigv4 (~> 1.1)
    aws-sdk-signer (1.6.0)
      aws-sdk-core (~> 3, >= 3.47.0)
      aws-sigv4 (~> 1.1)
    aws-sdk-simpledb (1.7.0)
      aws-sdk-core (~> 3, >= 3.47.0)
      aws-sigv2 (~> 1.0)
    aws-sdk-sms (1.8.0)
      aws-sdk-core (~> 3, >= 3.47.0)
      aws-sigv4 (~> 1.1)
    aws-sdk-snowball (1.12.0)
      aws-sdk-core (~> 3, >= 3.47.0)
      aws-sigv4 (~> 1.1)
    aws-sdk-sns (1.10.0)
      aws-sdk-core (~> 3, >= 3.47.0)
      aws-sigv4 (~> 1.1)
    aws-sdk-sqs (1.11.0)
      aws-sdk-core (~> 3, >= 3.47.0)
      aws-sigv4 (~> 1.1)
    aws-sdk-ssm (1.39.0)
      aws-sdk-core (~> 3, >= 3.47.0)
      aws-sigv4 (~> 1.1)
    aws-sdk-states (1.12.0)
      aws-sdk-core (~> 3, >= 3.47.0)
      aws-sigv4 (~> 1.1)
    aws-sdk-storagegateway (1.16.0)
      aws-sdk-core (~> 3, >= 3.47.0)
      aws-sigv4 (~> 1.1)
    aws-sdk-support (1.7.0)
      aws-sdk-core (~> 3, >= 3.47.0)
      aws-sigv4 (~> 1.1)
    aws-sdk-swf (1.7.0)
      aws-sdk-core (~> 3, >= 3.47.0)
      aws-sigv4 (~> 1.1)
    aws-sdk-textract (1.1.0)
      aws-sdk-core (~> 3, >= 3.47.0)
      aws-sigv4 (~> 1.1)
    aws-sdk-transcribeservice (1.14.0)
      aws-sdk-core (~> 3, >= 3.47.0)
      aws-sigv4 (~> 1.1)
    aws-sdk-transfer (1.2.0)
      aws-sdk-core (~> 3, >= 3.47.0)
      aws-sigv4 (~> 1.1)
    aws-sdk-translate (1.9.0)
      aws-sdk-core (~> 3, >= 3.47.0)
      aws-sigv4 (~> 1.1)
    aws-sdk-waf (1.14.0)
      aws-sdk-core (~> 3, >= 3.47.0)
      aws-sigv4 (~> 1.1)
    aws-sdk-wafregional (1.15.0)
      aws-sdk-core (~> 3, >= 3.47.0)
      aws-sigv4 (~> 1.1)
    aws-sdk-workdocs (1.10.0)
      aws-sdk-core (~> 3, >= 3.47.0)
      aws-sigv4 (~> 1.1)
    aws-sdk-worklink (1.1.0)
      aws-sdk-core (~> 3, >= 3.47.0)
      aws-sigv4 (~> 1.1)
    aws-sdk-workmail (1.8.0)
      aws-sdk-core (~> 3, >= 3.47.0)
      aws-sigv4 (~> 1.1)
    aws-sdk-workspaces (1.13.0)
      aws-sdk-core (~> 3, >= 3.47.0)
      aws-sigv4 (~> 1.1)
    aws-sdk-xray (1.11.0)
      aws-sdk-core (~> 3, >= 3.47.0)
      aws-sigv4 (~> 1.1)
    aws-sigv2 (1.0.1)
    aws-sigv4 (1.1.0)
      aws-eventstream (~> 1.0, >= 1.0.2)
    bcrypt (3.1.13)
    benchmark-ips (2.7.2)
    builder (3.2.4)
    bullet (5.9.0)
      activesupport (>= 3.0.0)
      uniform_notifier (~> 1.11)
    cancancan (2.3.0)
    capybara (3.14.0)
      addressable
      mini_mime (>= 0.1.3)
      nokogiri (~> 1.8)
      rack (>= 1.6.0)
      rack-test (>= 0.6.3)
      regexp_parser (~> 1.2)
      xpath (~> 3.2)
    capybara-screenshot (1.0.22)
      capybara (>= 1.0, < 4)
      launchy
    childprocess (0.9.0)
      ffi (~> 1.0, >= 1.0.11)
    climate_control (0.2.0)
    coderay (1.1.2)
    coffee-rails (4.2.2)
      coffee-script (>= 2.2.0)
      railties (>= 4.0.0)
    coffee-script (2.4.1)
      coffee-script-source
      execjs
    coffee-script-source (1.12.2)
    concurrent-ruby (1.1.6)
    countries (3.0.0)
      i18n_data (~> 0.8.0)
      sixarm_ruby_unaccent (~> 1.1)
      unicode_utils (~> 1.4)
    country_select (4.0.0)
      countries (~> 3.0)
      sort_alphabetical (~> 1.0)
    coveralls (0.8.22)
      json (>= 1.8, < 3)
      simplecov (~> 0.16.1)
      term-ansicolor (~> 1.3)
      thor (~> 0.19.4)
      tins (~> 1.6)
    crass (1.0.6)
    dalli (2.7.9)
    database_cleaner (1.7.0)
    derailed_benchmarks (1.3.5)
      benchmark-ips (~> 2)
      get_process_mem (~> 0)
      heapy (~> 0)
      memory_profiler (~> 0)
      rack (>= 1)
      rake (> 10, < 13)
      thor (~> 0.19)
    devise (4.7.1)
      bcrypt (~> 3.0)
      orm_adapter (~> 0.1)
      railties (>= 4.1.0)
      responders
      warden (~> 1.2.3)
    devise-encryptable (0.2.0)
      devise (>= 2.1.0)
    diff-lcs (1.3)
    docile (1.3.1)
    email_spec (2.2.0)
      htmlentities (~> 4.3.3)
      launchy (~> 2.1)
      mail (~> 2.7)
    erubi (1.9.0)
    erubis (2.7.0)
    exception_notification (4.3.0)
      actionmailer (>= 4.0, < 6)
      activesupport (>= 4.0, < 6)
    excon (0.62.0)
    execjs (2.7.0)
    factory_bot (5.0.2)
      activesupport (>= 4.2.0)
    factory_bot_rails (5.0.1)
      factory_bot (~> 5.0.0)
      railties (>= 4.2.0)
    ffi (1.12.2)
    font-awesome-rails (4.7.0.4)
      railties (>= 3.2, < 6.0)
    geocoder (1.5.1)
    get_process_mem (0.2.5)
      ffi (~> 1.0)
    globalid (0.4.2)
      activesupport (>= 4.2.0)
    haml (5.0.4)
      temple (>= 0.8.0)
      tilt
    haml-rails (2.0.0)
      actionpack (>= 5.1)
      activesupport (>= 5.1)
      haml (>= 4.0.6, < 6.0)
      html2haml (>= 1.0.1)
      railties (>= 5.1)
    has_scope (0.7.2)
      actionpack (>= 4.1)
      activesupport (>= 4.1)
    heapy (0.1.4)
    heroics (0.0.25)
      erubis (~> 2.0)
      excon
      moneta
      multi_json (>= 1.9.2)
    html2haml (2.2.0)
      erubis (~> 2.7.0)
      haml (>= 4.0, < 6)
      nokogiri (>= 1.6.0)
      ruby_parser (~> 3.5)
    htmlentities (4.3.4)
    http-2 (0.10.1)
    i18n (1.8.2)
      concurrent-ruby (~> 1.0)
    i18n_data (0.8.0)
    inherited_resources (1.9.0)
      actionpack (>= 4.2, < 5.3)
      has_scope (~> 0.6)
      railties (>= 4.2, < 5.3)
      responders
    jaro_winkler (1.5.2)
    jbuilder (2.8.0)
      activesupport (>= 4.2.0)
      multi_json (>= 1.2)
    jmespath (1.4.0)
    jquery-rails (4.3.3)
      rails-dom-testing (>= 1, < 3)
      railties (>= 4.2.0)
      thor (>= 0.14, < 2.0)
    jquery-ui-rails (6.0.1)
      railties (>= 3.2.16)
    json (2.3.0)
    kaminari (1.1.1)
      activesupport (>= 4.1.0)
      kaminari-actionview (= 1.1.1)
      kaminari-activerecord (= 1.1.1)
      kaminari-core (= 1.1.1)
    kaminari-actionview (1.1.1)
      actionview
      kaminari-core (= 1.1.1)
    kaminari-activerecord (1.1.1)
      activerecord
      kaminari-core (= 1.1.1)
    kaminari-core (1.1.1)
    launchy (2.4.3)
      addressable (~> 2.3)
    listen (3.1.5)
      rb-fsevent (~> 0.9, >= 0.9.4)
      rb-inotify (~> 0.9, >= 0.9.7)
      ruby_dep (~> 1.2)
    loofah (2.5.0)
      crass (~> 1.0.2)
      nokogiri (>= 1.5.9)
    macaddr (1.7.1)
      systemu (~> 2.6.2)
    mail (2.7.1)
      mini_mime (>= 0.1.1)
    marcel (0.3.3)
      mimemagic (~> 0.3.2)
    memcachier (0.0.2)
    memory_profiler (0.9.12)
    method_source (0.9.2)
    mime-types (3.2.2)
      mime-types-data (~> 3.2015)
    mime-types-data (3.2018.0812)
    mimemagic (0.3.3)
    mini_mime (1.0.1)
    mini_portile2 (2.4.0)
    minitest (5.14.0)
    moneta (1.0.0)
    multi_json (1.13.1)
    nested_form (0.3.2)
    newrelic_rpm (6.1.0.352)
    nio4r (2.3.1)
    nokogiri (1.10.9)
      mini_portile2 (~> 2.4.0)
    nokogumbo (2.0.1)
      nokogiri (~> 1.8, >= 1.8.4)
    orm_adapter (0.5.0)
    paperclip (6.1.0)
      activemodel (>= 4.2.0)
      activesupport (>= 4.2.0)
      mime-types
      mimemagic (~> 0.3.0)
      terrapin (~> 0.6.0)
    parallel (1.14.0)
    parser (2.6.0.0)
      ast (~> 2.4.0)
    pg (1.1.4)
    phonelib (0.6.30)
    platform-api (2.2.0)
      heroics (~> 0.0.25)
      moneta (~> 1.0.0)
    pony (1.13)
      mail (>= 2.0)
    powerpack (0.1.2)
    pry (0.12.2)
      coderay (~> 1.1.0)
      method_source (~> 0.9.0)
    psych (3.1.0)
    public_suffix (3.0.3)
    puma (4.3.3)
      nio4r (~> 2.0)
    puma_worker_killer (0.1.1)
      get_process_mem (~> 0.2)
      puma (>= 2.7, < 5)
    rack (2.2.2)
    rack-attack (5.4.2)
      rack (>= 1.0, < 3)
    rack-pjax (1.0.0)
      nokogiri (~> 1.5)
      rack (>= 1.1)
    rack-test (1.1.0)
      rack (>= 1.0, < 3)
    rack_session_access (0.2.0)
      builder (>= 2.0.0)
      rack (>= 1.0.0)
    rails (5.2.2.1)
      actioncable (= 5.2.2.1)
      actionmailer (= 5.2.2.1)
      actionpack (= 5.2.2.1)
      actionview (= 5.2.2.1)
      activejob (= 5.2.2.1)
      activemodel (= 5.2.2.1)
      activerecord (= 5.2.2.1)
      activestorage (= 5.2.2.1)
      activesupport (= 5.2.2.1)
      bundler (>= 1.3.0)
      railties (= 5.2.2.1)
      sprockets-rails (>= 2.0.0)
    rails-controller-testing (1.0.4)
      actionpack (>= 5.0.1.x)
      actionview (>= 5.0.1.x)
      activesupport (>= 5.0.1.x)
    rails-dom-testing (2.0.3)
      activesupport (>= 4.2.0)
      nokogiri (>= 1.6)
    rails-html-sanitizer (1.3.0)
      loofah (~> 2.3)
    rails_12factor (0.0.3)
      rails_serve_static_assets
      rails_stdout_logging
    rails_admin (1.4.2)
      builder (~> 3.1)
      coffee-rails (~> 4.0)
      font-awesome-rails (>= 3.0, < 5)
      haml (>= 4.0, < 6)
      jquery-rails (>= 3.0, < 5)
      jquery-ui-rails (>= 5.0, < 7)
      kaminari (>= 0.14, < 2.0)
      nested_form (~> 0.3)
      rack-pjax (>= 0.7)
      rails (>= 4.0, < 6)
      remotipart (~> 1.3)
      sass-rails (>= 4.0, < 6)
    rails_autolink (1.1.6)
      rails (> 3.1)
    rails_real_favicon (0.0.12)
      json (>= 1.7, < 3)
      rails (>= 3.1)
      rubyzip (~> 1)
    rails_serve_static_assets (0.0.5)
    rails_stdout_logging (0.0.5)
    railties (5.2.2.1)
      actionpack (= 5.2.2.1)
      activesupport (= 5.2.2.1)
      method_source
      rake (>= 0.8.7)
      thor (>= 0.19.0, < 2.0)
    rainbow (3.0.0)
    rake (12.3.3)
    rakismet (1.5.4)
    rb-fsevent (0.10.3)
    rb-inotify (0.10.0)
      ffi (~> 1.0)
    recaptcha (5.5.0)
      json
    regexp_parser (1.3.0)
    remotipart (1.4.2)
    responders (3.0.0)
      actionpack (>= 5.0)
      railties (>= 5.0)
    rspec-core (3.8.0)
      rspec-support (~> 3.8.0)
    rspec-expectations (3.8.2)
      diff-lcs (>= 1.2.0, < 2.0)
      rspec-support (~> 3.8.0)
    rspec-mocks (3.8.0)
      diff-lcs (>= 1.2.0, < 2.0)
      rspec-support (~> 3.8.0)
    rspec-rails (3.8.2)
      actionpack (>= 3.0)
      activesupport (>= 3.0)
      railties (>= 3.0)
      rspec-core (~> 3.8.0)
      rspec-expectations (~> 3.8.0)
      rspec-mocks (~> 3.8.0)
      rspec-support (~> 3.8.0)
    rspec-retry (0.6.1)
      rspec-core (> 3.3)
    rspec-support (3.8.0)
    rubocop (0.65.0)
      jaro_winkler (~> 1.5.1)
      parallel (~> 1.10)
      parser (>= 2.5, != 2.5.1.1)
      powerpack (~> 0.1)
      psych (>= 3.1.0)
      rainbow (>= 2.2.2, < 4.0)
      ruby-progressbar (~> 1.7)
      unicode-display_width (~> 1.4.0)
    rubocop-rspec (1.32.0)
      rubocop (>= 0.60.0)
    ruby-growl (4.1)
      uuid (~> 2.3, >= 2.3.5)
    ruby-progressbar (1.10.0)
    ruby_dep (1.5.0)
    ruby_parser (3.13.0)
      sexp_processor (~> 4.9)
    rubyzip (1.2.2)
    sanitize (5.0.0)
      crass (~> 1.0.2)
      nokogiri (>= 1.8.0)
      nokogumbo (~> 2.0)
    sass (3.7.3)
      sass-listen (~> 4.0.0)
    sass-listen (4.0.0)
      rb-fsevent (~> 0.9, >= 0.9.4)
      rb-inotify (~> 0.9, >= 0.9.7)
    sass-rails (5.0.7)
      railties (>= 4.0.0, < 6)
      sass (~> 3.1)
      sprockets (>= 2.8, < 4.0)
      sprockets-rails (>= 2.0, < 4.0)
      tilt (>= 1.1, < 3)
    selenium-webdriver (3.141.0)
      childprocess (~> 0.5)
      rubyzip (~> 1.2, >= 1.2.2)
    sexp_processor (4.12.0)
    simple_form (4.1.0)
      actionpack (>= 5.0)
      activemodel (>= 5.0)
    simple_token_authentication (1.15.1)
      actionmailer (>= 3.2.6, < 6)
      actionpack (>= 3.2.6, < 6)
      devise (>= 3.2, < 6)
    simplecov (0.16.1)
      docile (~> 1.1)
      json (>= 1.8, < 3)
      simplecov-html (~> 0.10.0)
    simplecov-html (0.10.2)
    sixarm_ruby_unaccent (1.2.0)
    sort_alphabetical (1.1.0)
      unicode_utils (>= 1.2.2)
    spork (0.9.2)
    sprockets (3.7.2)
      concurrent-ruby (~> 1.0)
      rack (> 1, < 3)
    sprockets-rails (3.2.1)
      actionpack (>= 4.0)
      activesupport (>= 4.0)
      sprockets (>= 3.0.0)
    systemu (2.6.5)
    temple (0.8.1)
    term-ansicolor (1.7.1)
      tins (~> 1.0)
    terrapin (0.6.0)
      climate_control (>= 0.0.3, < 1.0)
    thor (0.19.4)
    thread_safe (0.3.6)
    tilt (2.0.9)
    timecop (0.9.1)
    tins (1.20.2)
    tunemygc (1.0.71)
    tzinfo (1.2.7)
      thread_safe (~> 0.1)
    tzinfo-data (1.2018.9)
      tzinfo (>= 1.0.0)
    uglifier (4.1.20)
      execjs (>= 0.3.0, < 3)
    unicode-display_width (1.4.1)
    unicode_utils (1.4.0)
    uniform_notifier (1.12.1)
    uuid (2.3.9)
      macaddr (~> 1.0)
    warden (1.2.8)
      rack (>= 2.0.6)
    webdrivers (4.1.2)
      nokogiri (~> 1.6)
      rubyzip (~> 1.0)
      selenium-webdriver (>= 3.0, < 4.0)
    websocket-driver (0.7.0)
      websocket-extensions (>= 0.1.0)
    websocket-extensions (0.1.3)
    xpath (3.2.0)
      nokogiri (~> 1.8)

PLATFORMS
  ruby

DEPENDENCIES
  apipie-rails
  aws-sdk
  bullet
  cancancan
  capybara
  capybara-screenshot
  country_select
  coveralls
  dalli
  database_cleaner
  derailed_benchmarks
  devise
  devise-encryptable
  email_spec
  exception_notification
  factory_bot_rails
  geocoder
  haml-rails
  has_scope
  inherited_resources
  jbuilder
  jquery-rails
  jquery-ui-rails
  kaminari
  launchy
  listen
  memcachier
  newrelic_rpm
  paperclip
  pg
  phonelib
  platform-api
  pony
  pry
  puma
  puma_worker_killer
  rack-attack
  rack_session_access
  rails
  rails-controller-testing
  rails_12factor
  rails_admin
  rails_autolink
  rails_real_favicon
  rake
  rakismet
  recaptcha
  remotipart
  rspec-rails
  rspec-retry
  rubocop
  rubocop-rspec
  ruby-growl
  sanitize
  sass-rails
  selenium-webdriver
  simple_form
  simple_token_authentication
  simplecov
  spork
  timecop
  tunemygc
  tzinfo-data
  uglifier
  webdrivers (~> 4.0)

RUBY VERSION
   ruby 2.6.2p47

BUNDLED WITH
   1.17.3
